ObjectType = Image
NDims = 3
BinaryData = True
BinaryDataByteOrderMSB = False
CompressedData = False
TransformMatrix = 1 0 0 0 1 0 0 0 1
Offset = 0 0 0
CenterOfRotation = 0 0 0
AnatomicalOrientation = RAI
ElementSpacing = 1.44141 1.44141 1.15929
DimSize = 256 256 256
ElementType = MET_SHORT
ElementDataFile = VESSEL12_05_256.raw
